GEM
  remote: https://rubygems.org/
  specs:
    addressable (2.8.7)
      public_suffix (>= 2.0.2, < 7.0)
    faraday (2.10.1)
      faraday-net_http (>= 2.0, < 3.2)
      logger
    faraday-mashify (0.1.1)
      faraday (~> 2.0)
      hashie
    faraday-multipart (1.0.4)
      multipart-post (~> 2)
    faraday-net_http (3.1.1)
      net-http
    gli (2.21.5)
    hashie (5.0.0)
    highline (3.1.0)
      reline
    io-console (0.7.2)
    logger (1.6.0)
    multipart-post (2.4.1)
    net-http (0.4.1)
      uri
    octokit (9.1.0)
      faraday (>= 1, < 3)
      sawyer (~> 0.9)
    public_suffix (6.0.1)
    reline (0.5.9)
      io-console (~> 0.5)
    sawyer (0.9.2)
      addressable (>= 2.3.5)
      faraday (>= 0.17.3, < 3)
    slack-ruby-client (2.4.0)
      faraday (>= 2.0)
      faraday-mashify
      faraday-multipart
      gli
      hashie
    uri (0.13.0)

PLATFORMS
  ruby
  x86_64-linux

DEPENDENCIES
  highline
  octokit
  slack-ruby-client

BUNDLED WITH
   2.4.13
