GEM
  remote: https://rubygems.org/
  specs:
    addressable (2.8.5)
      public_suffix (>= 2.0.2, < 6.0)
    base64 (0.1.1)
    faraday (2.7.11)
      base64
      faraday-net_http (>= 2.0, < 3.1)
      ruby2_keywords (>= 0.0.4)
    faraday-mashify (0.1.1)
      faraday (~> 2.0)
      hashie
    faraday-multipart (1.0.4)
      multipart-post (~> 2)
    faraday-net_http (3.0.2)
    gli (2.21.1)
    hashie (5.0.0)
    highline (2.1.0)
    multipart-post (2.3.0)
    octokit (8.0.0)
      faraday (>= 1, < 3)
      sawyer (~> 0.9)
    public_suffix (5.0.3)
    ruby2_keywords (0.0.5)
    sawyer (0.9.2)
      addressable (>= 2.3.5)
      faraday (>= 0.17.3, < 3)
    slack-ruby-client (2.2.0)
      faraday (>= 2.0)
      faraday-mashify
      faraday-multipart
      gli
      hashie

PLATFORMS
  ruby
  x86_64-linux

DEPENDENCIES
  highline
  octokit
  slack-ruby-client

BUNDLED WITH
   2.4.13
